GIT
  remote: https://github.com/markaby/markaby.git
  revision: e62052d90bb56536189bc7e0d755200d9253c5a8
  specs:
    markaby (0.7.1)
      builder (>= 2.0.0)

GEM
  remote: http://rubygems.org/
  specs:
    addressable (2.2.6)
    builder (3.0.0)
    camping (2.1)
      rack (>= 1.0)
    daemons (1.1.4)
    em-hiredis (0.1.0)
      hiredis (~> 0.3.0)
    em-http-request (0.3.0)
      addressable (>= 2.0.0)
      escape_utils
      eventmachine (>= 0.12.9)
    escape_utils (0.2.3)
    eventmachine (0.12.10)
    faye (0.6.3)
      em-hiredis (>= 0.0.1)
      em-http-request (>= 0.2)
      eventmachine (~> 0.12.0)
      json (>= 1.0)
      rack (>= 1.0)
      thin (~> 1.2)
    hiredis (0.3.2)
    json (1.5.3)
    rack (1.3.2)
    thin (1.2.11)
      daemons (>= 1.0.9)
      eventmachine (>= 0.12.6)
      rack (>= 1.0.0)

PLATFORMS
  ruby

DEPENDENCIES
  camping
  em-http-request
  eventmachine
  faye
  markaby!
  thin
